GEM
  remote: http://rubygems.org/
  specs:
    diff-lcs (1.1.3)
    highline (1.6.13)
    rspec-expectations (2.11.2)
      diff-lcs (~> 1.1.3)
    shellfish (0.0.1)
      diff-lcs (~> 1.1.3)
      rspec-expectations
      termcolor
    termcolor (1.2.1)
      highline (>= 1.5.0)

PLATFORMS
  ruby

DEPENDENCIES
  shellfish
